PATH
  remote: .
  specs:
    radar-api (0.1.0)
      thrift

GEM
  remote: https://rubygems.org/
  specs:
    rake (10.1.1)
    thrift (0.9.1)

PLATFORMS
  ruby

DEPENDENCIES
  bundler (~> 1.5)
  radar-api!
  rake
